GEM
  remote: http://rubygems.org/
  specs:
    gli (2.4.1)

PLATFORMS
  ruby

DEPENDENCIES
  gli
